GEM
  remote: https://rubygems.org/
  specs:
    albacore (0.3.5)
      rubyzip
    ripple-cli (2.0.0.51419)
    rubyzip (0.9.9)

PLATFORMS
  x86-mingw32

DEPENDENCIES
  albacore
  ripple-cli
