GEM
  remote: https://rubygems.org/
  specs:
    albacore (0.3.5)
      rubyzip
    bottles (1.1.0.499)
    fubudocs (0.9.9.212)
    fuburake (0.9.5.32)
      bottles (~> 1.0)
      fubudocs (>= 0.5)
      ripple-cli (~> 2.0)
    rake (10.1.0)
    ripple-cli (2.3.4.151)
    rubyzip (0.9.9)

PLATFORMS
  x86-mingw32

DEPENDENCIES
  albacore
  fuburake (~> 0.5)
  rake (~> 10.0)
  ripple-cli
  rubyzip (= 0.9.9)
